GEM
  remote: https://rubygems.org/
  specs:
    attr_extras (7.1.0)
    concurrent-ruby (1.2.2)
    diff-lcs (1.5.0)
    dotenv (2.8.1)
    dry-auto_inject (1.0.1)
      dry-core (~> 1.0)
      zeitwerk (~> 2.6)
    dry-container (0.11.0)
      concurrent-ruby (~> 1.0)
    dry-core (1.0.1)
      concurrent-ruby (~> 1.0)
      zeitwerk (~> 2.6)
    http-2-next (1.0.1)
    httpx (1.0.2)
      http-2-next (>= 1.0.1)
    mustermann (3.0.0)
      ruby2_keywords (~> 0.0.1)
    nio4r (2.5.9)
    optimist (3.1.0)
    patience_diff (1.2.0)
      optimist (~> 3.0)
    puma (6.4.0)
      nio4r (~> 2.0)
    rack (2.2.8)
    rack-protection (3.1.0)
      rack (~> 2.2, >= 2.2.4)
    rack-test (2.1.0)
      rack (>= 1.3)
    ruby2_keywords (0.0.5)
    sinatra (3.1.0)
      mustermann (~> 3.0)
      rack (~> 2.2, >= 2.2.4)
      rack-protection (= 3.1.0)
      tilt (~> 2.0)
    super_diff (0.10.0)
      attr_extras (>= 6.2.4)
      diff-lcs
      patience_diff
    tilt (2.3.0)
    tldr (0.9.5)
      concurrent-ruby (~> 1.2)
      super_diff (~> 0.10)
    zeitwerk (2.6.12)

PLATFORMS
  x86_64-darwin-22

DEPENDENCIES
  dotenv (~> 2.8)
  dry-auto_inject (~> 1.0)
  dry-container (~> 0.11.0)
  httpx (~> 1.0)
  puma (~> 6.4)
  rack-test (~> 2.1)
  sinatra (~> 3.1)
  tldr (~> 0.9.5)

BUNDLED WITH
   2.4.10
